GIT
  remote: https://github.com/mpalmer/jekyll
  revision: 40a1234874912da1187822866b58cfa50a03580b
  branch: converted-content
  specs:
    jekyll (0.10.0)
      albino (>= 1.3.2)
      classifier (>= 1.3.1)
      directory_watcher (>= 1.1.1)
      kramdown (>= 0.13.2)
      liquid (>= 1.9.0)
      maruku (>= 0.5.9)

GEM
  remote: https://rubygems.org/
  specs:
    albino (1.3.3)
      posix-spawn (>= 0.3.6)
    classifier (1.3.5)
      fast-stemmer (~> 1.0.0)
      mathn
      rake
    directory_watcher (1.5.1)
    fast-stemmer (1.0.2)
    kramdown (1.17.0)
    liquid (4.0.0)
    maruku (0.7.3)
    mathn (0.1.0)
    posix-spawn (0.3.13)
    rake (12.3.1)

PLATFORMS
  ruby

DEPENDENCIES
  jekyll!
  rake

BUNDLED WITH
   1.16.2
