GIT
  remote: https://github.com/mpalmer/jekyll
  revision: 40a1234874912da1187822866b58cfa50a03580b
  branch: converted-content
  specs:
    jekyll (0.10.0)
      albino (>= 1.3.2)
      classifier (>= 1.3.1)
      directory_watcher (>= 1.1.1)
      kramdown (>= 0.13.2)
      liquid (>= 1.9.0)
      maruku (>= 0.5.9)

GEM
  remote: https://rubygems.org/
  specs:
    albino (1.3.3)
      posix-spawn (>= 0.3.6)
    classifier (1.3.4)
      fast-stemmer (>= 1.0.0)
    directory_watcher (1.5.1)
    fast-stemmer (1.0.2)
    kramdown (1.7.0)
    liquid (3.0.3)
    maruku (0.7.2)
    posix-spawn (0.3.11)
    rake (10.1.1)

PLATFORMS
  ruby

DEPENDENCIES
  jekyll!
  rake
